GEM
  remote: https://rubygems.org/
  specs:
    chronic (0.10.2)

PLATFORMS
  ruby

DEPENDENCIES
  chronic (= 0.10.2)

BUNDLED WITH
   1.10.6
